GEM
  remote: https://rubygems.org/
  specs:
    CFPropertyList (2.3.6)
    activesupport (7.1.3.2)
      base64
      bigdecimal
      concurrent-ruby (~> 1.0, >= 1.0.2)
      connection_pool (>= 2.2.5)
      drb
      i18n (>= 1.6, < 2)
      minitest (>= 5.1)
      mutex_m
      tzinfo (~> 2.0)
    atomos (0.1.2)
    base64 (0.2.0)
    bigdecimal (3.1.7)
    claide (1.0.2)
    clamp (0.6.5)
    colored2 (3.1.2)
    concurrent-ruby (1.2.3)
    connection_pool (2.4.1)
    drb (2.2.1)
    i18n (1.14.4)
      concurrent-ruby (~> 1.0)
    mini_portile2 (2.3.0)
    minitest (5.22.3)
    mutex_m (0.2.0)
    nanaimo (0.2.4)
    nokogiri (1.8.2)
      mini_portile2 (~> 2.3.0)
    slather (2.4.5)
      CFPropertyList (~> 2.2)
      activesupport (>= 4.0.2)
      clamp (~> 0.6)
      nokogiri (~> 1.8.2)
      xcodeproj (~> 1.4)
    tzinfo (2.0.6)
      concurrent-ruby (~> 1.0)
    xcodeproj (1.5.7)
      CFPropertyList (>= 2.3.3, < 4.0)
      atomos (~> 0.1.2)
      claide (>= 1.0.2, < 2.0)
      colored2 (~> 3.1)
      nanaimo (~> 0.2.4)

PLATFORMS
  ruby

DEPENDENCIES
  slather

BUNDLED WITH
   1.16.1
